GEM
  remote: https://rubygems.org/
  specs:
    ffi (1.10.0)
    json (1.8.6)
    minitest (5.11.3)
    rbnacl (6.0.1)
      ffi

PLATFORMS
  ruby

DEPENDENCIES
  json (~> 1.8, >= 1.8.3)
  minitest
  rbnacl

RUBY VERSION
   ruby 2.6.2p47

BUNDLED WITH
   1.17.2
